GEM
  remote: http://rubygems.org/
  specs:
    coderay (1.0.9)
    httpclient (2.3.3)
    json (1.7.7)
    method_source (0.8.1)
    multi_json (1.7.2)
    neography (1.0.9)
      httpclient (>= 2.3.3)
      json (>= 1.6.0)
      multi_json (>= 1.3.2)
      os (>= 0.9.6)
      rake (>= 0.8.7)
      rubyzip (>= 0.9.7)
    os (0.9.6)
    pry (0.9.12)
      coderay (~> 1.0.5)
      method_source (~> 0.8)
      slop (~> 3.4)
    rake (10.0.4)
    rubyzip (0.9.9)
    slop (3.4.4)

PLATFORMS
  ruby

DEPENDENCIES
  neography
  pry
